PATH
  remote: .
  specs:
    ulid (1.3.0)

GEM
  remote: https://rubygems.org/
  specs:
    ast (2.4.2)
    base32-crockford (0.1.0)
    byebug (11.1.3)
    json (2.6.3)
    minitest (5.18.0)
    parallel (1.22.1)
    parser (3.2.1.0)
      ast (~> 2.4.1)
    rainbow (3.1.1)
    rake (13.0.6)
    regexp_parser (2.7.0)
    rexml (3.2.5)
    rubocop (1.47.0)
      json (~> 2.3)
      parallel (~> 1.10)
      parser (>= 3.2.0.0)
      rainbow (>= 2.2.2, < 4.0)
      regexp_parser (>= 1.8, < 3.0)
      rexml (>= 3.2.5, < 4.0)
      rubocop-ast (>= 1.26.0, < 2.0)
      ruby-progressbar (~> 1.7)
      unicode-display_width (>= 2.4.0, < 3.0)
    rubocop-ast (1.27.0)
      parser (>= 3.2.1.0)
    ruby-progressbar (1.13.0)
    unicode-display_width (2.4.2)

PLATFORMS
  ruby

DEPENDENCIES
  base32-crockford
  byebug
  minitest
  rake
  rubocop
  ulid!

BUNDLED WITH
   2.4.7
