PATH
  remote: .
  specs:
    ulid (1.2.0)

GEM
  remote: https://rubygems.org/
  specs:
    ast (2.3.0)
    base32-crockford (0.1.0)
    byebug (9.1.0)
    coderay (1.1.2)
    method_source (0.9.0)
    minitest (5.10.3)
    parallel (1.12.0)
    parser (2.4.0.0)
      ast (~> 2.2)
    powerpack (0.1.1)
    pry (0.11.3)
      coderay (~> 1.1.0)
      method_source (~> 0.9.0)
    pry-byebug (3.5.1)
      byebug (~> 9.1)
      pry (~> 0.10)
    rainbow (2.2.2)
      rake
    rake (13.0.1)
    rubocop (0.50.0)
      parallel (~> 1.10)
      parser (>= 2.3.3.1, < 3.0)
      powerpack (~> 0.1)
      rainbow (>= 2.2.2, < 3.0)
      ruby-progressbar (~> 1.7)
      unicode-display_width (~> 1.0, >= 1.0.1)
    ruby-progressbar (1.8.3)
    unicode-display_width (1.3.0)

PLATFORMS
  ruby

DEPENDENCIES
  base32-crockford
  minitest
  pry-byebug
  rake
  rubocop
  ulid!

BUNDLED WITH
   2.0.1
